GEM
  remote: https://rubygems.org/
  specs:
    activesupport (4.2.5.1)
      i18n (~> 0.7)
      json (~> 1.7, >= 1.7.7)
      minitest (~> 5.1)
      thread_safe (~> 0.3, >= 0.3.4)
      tzinfo (~> 1.1)
    climate_control (0.0.3)
      activesupport (>= 3.0)
    cocaine (0.5.8)
      climate_control (>= 0.0.3, < 1.0)
    i18n (0.7.0)
    json (1.8.3)
    minitest (5.8.4)
    taglib-ruby (0.7.1)
    thread_safe (0.3.5)
    tzinfo (1.2.2)
      thread_safe (~> 0.1)
    youtube-dl.rb (0.2.5.2016.02.01)
      cocaine (>= 0.5.4)

PLATFORMS
  ruby

DEPENDENCIES
  taglib-ruby
  youtube-dl.rb

BUNDLED WITH
   1.11.2
